STORAGE: NONE
RESTRICTION: == netstandard2.0
NUGET
  remote: https://www.nuget.org/api/v2
    Fable.Core (2.0.3)
      FSharp.Core (>= 4.5.2)
    Fable.Date (1.0)
      Fable.Core (>= 2.0.2)
      FSharp.Core (>= 4.5.2)
    Fable.Elmish (2.0.3)
      Fable.Core (>= 2.0)
      Fable.PowerPack (>= 2.0.1)
      FSharp.Core (>= 4.5.2)
    Fable.FontAwesome (1.0)
      Fable.Core (>= 2.0.2)
      Fable.React (>= 4.1.3)
    Fable.FontAwesome.Free (1.0)
      Fable.Core (>= 2.0.2)
      Fable.FontAwesome (>= 1.0)
      Fable.React (>= 4.1.3)
    Fable.Import.Browser (1.3)
      Fable.Core (>= 1.3.17)
    Fable.Import.Node (0.4.3)
      Fable.Core (>= 1.3.8)
    Fable.PowerPack (3.0)
      Fable.Core (>= 2.0)
      Fable.Import.Browser (>= 1.3)
      FSharp.Core (>= 4.5.2)
      Thoth.Json (>= 2.0)
    Fable.Promise (1.1)
      Fable.Core (>= 2.0.2)
      FSharp.Core (>= 4.5.2)
    Fable.React (4.1.3)
      Fable.Core (>= 2.0)
      Fable.Import.Browser (>= 1.3)
      FSharp.Core (>= 4.5.2)
    FSharp.Core (4.6.2) - redirects: force
    Fulma (1.1)
      Fable.Core (>= 2.0.2)
      Fable.React (>= 4.1.3)
    Thoth.Json (2.5)
      Fable.Core (>= 2.0)
      FSharp.Core (>= 4.5.2)
GITHUB
  remote: akamud/vscode-theme-onelight
    themes/OneLight.json (b6e1a53d5ed5e6bc5878fe2e77513ee5395fb4ea)
  remote: ionide/ionide-fsgrammar
    grammar/fsharp.json (942f1a311f84a402cb397d7a9f2bc17e630f8834)
  remote: Microsoft/vscode
    extensions/json/syntaxes/JSON.tmLanguage.json (3f2b820b4c275dbef1335fb8fe86aa310618af3a)